RESTRICTION: || (== netcoreapp2.1) (== netstandard2.0)
NUGET
  remote: https://www.nuget.org/api/v2
    Expecto (8.12)
      FSharp.Core (>= 4.3.4)
      Mono.Cecil (>= 0.10.3)
    FSharp.Core (4.7)
    Mono.Cecil (0.11)
    Unquote (5.0)
      FSharp.Core (>= 4.6.2)

GROUP Build
NUGET
  remote: https://www.nuget.org/api/v2
    FAKE (5.16)
